GEM
  remote: https://rubygems.org/
  specs:
    addressable (2.8.0)
      public_suffix (>= 2.0.2, < 5.0)
    aws-eventstream (1.2.0)
    aws-partitions (1.610.0)
    aws-sdk-cloudwatchlogs (1.53.0)
      aws-sdk-core (~> 3, >= 3.127.0)
      aws-sigv4 (~> 1.1)
    aws-sdk-core (3.131.3)
      aws-eventstream (~> 1, >= 1.0.2)
      aws-partitions (~> 1, >= 1.525.0)
      aws-sigv4 (~> 1.1)
      jmespath (~> 1, >= 1.6.1)
    aws-sdk-kms (1.58.0)
      aws-sdk-core (~> 3, >= 3.127.0)
      aws-sigv4 (~> 1.1)
    aws-sdk-s3 (1.114.0)
      aws-sdk-core (~> 3, >= 3.127.0)
      aws-sdk-kms (~> 1)
      aws-sigv4 (~> 1.4)
    aws-sdk-sqs (1.51.1)
      aws-sdk-core (~> 3, >= 3.127.0)
      aws-sigv4 (~> 1.1)
    aws-sigv4 (1.5.1)
      aws-eventstream (~> 1, >= 1.0.2)
    concurrent-ruby (1.1.10)
    cool.io (1.7.1)
    declarative (0.0.20)
    domain_name (0.5.20190701)
      unf (>= 0.0.5, < 1.0.0)
    faraday (0.17.5)
      multipart-post (>= 1.2, < 3)
    ffi (1.15.5)
    ffi-compiler (1.0.1)
      ffi (>= 1.0.0)
      rake
    fluent-plugin-cloudwatch-logs (0.14.3)
      aws-sdk-cloudwatchlogs (~> 1.0)
      fluentd (>= 1.8.0)
    fluent-plugin-concat (2.5.0)
      fluentd (>= 0.14.0, < 2)
    fluent-plugin-detect-exceptions (0.0.14)
      fluentd (>= 0.10)
    fluent-plugin-filter_where (1.0.3)
      fluentd
    fluent-plugin-google-cloud (0.12.6)
      fluentd (= 1.13.3)
      google-api-client (= 0.30.8)
      google-cloud-logging (= 1.6.6)
      google-protobuf (= 3.20.0)
      googleapis-common-protos (= 1.3.10)
      googleauth (= 0.9.0)
      grpc (= 1.45.0)
      json (= 2.2.0)
      opencensus (= 0.5.0)
      opencensus-stackdriver (= 0.4.1)
    fluent-plugin-kubernetes_metadata_filter (2.13.0)
      fluentd (>= 0.14.0, < 1.16)
      kubeclient (>= 4.0.0, < 5.0.0)
      lru_redux
    fluent-plugin-multi-format-parser (1.0.0)
      fluentd (>= 0.14.0, < 2)
    fluent-plugin-prometheus (1.8.5)
      fluentd (>= 1.9.1, < 2)
      prometheus-client (< 0.10)
    fluent-plugin-record-modifier (2.1.0)
      fluentd (>= 1.0, < 2)
    fluent-plugin-s3 (1.7.1)
      aws-sdk-s3 (~> 1.60)
      aws-sdk-sqs (~> 1.23)
      fluentd (>= 0.14.22, < 2)
    fluent-plugin-sumologic_output (1.8.0)
      fluentd (>= 0.14.12)
      httpclient (~> 2.8.0)
    fluent-plugin-systemd (1.0.5)
      fluentd (>= 0.14.11, < 2)
      systemd-journal (~> 1.4.2)
    fluentd (1.13.3)
      bundler
      cool.io (>= 1.4.5, < 2.0.0)
      http_parser.rb (>= 0.5.1, < 0.8.0)
      msgpack (>= 1.3.1, < 2.0.0)
      serverengine (>= 2.2.2, < 3.0.0)
      sigdump (~> 0.2.2)
      strptime (>= 0.2.2, < 1.0.0)
      tzinfo (>= 1.0, < 3.0)
      tzinfo-data (~> 1.0)
      webrick (>= 1.4.2, < 1.8.0)
      yajl-ruby (~> 1.0)
    gapic-common (0.3.4)
      google-protobuf (~> 3.12, >= 3.12.2)
      googleapis-common-protos (>= 1.3.9, < 2.0)
      googleapis-common-protos-types (>= 1.0.4, < 2.0)
      googleauth (~> 0.9)
      grpc (~> 1.25)
    google-api-client (0.30.8)
      addressable (~> 2.5, >= 2.5.1)
      googleauth (>= 0.5, < 0.10.0)
      httpclient (>= 2.8.1, < 3.0)
      mini_mime (~> 1.0)
      representable (~> 3.0)
      retriable (>= 2.0, < 4.0)
      signet (~> 0.10)
    google-cloud-core (1.6.0)
      google-cloud-env (~> 1.0)
      google-cloud-errors (~> 1.0)
    google-cloud-env (1.6.0)
      faraday (>= 0.17.3, < 3.0)
    google-cloud-errors (1.2.0)
    google-cloud-logging (1.6.6)
      concurrent-ruby (~> 1.1)
      google-cloud-core (~> 1.2)
      google-gax (~> 1.7)
      googleapis-common-protos-types (>= 1.0.2)
      stackdriver-core (~> 1.3)
    google-cloud-monitoring-v3 (0.3.0)
      gapic-common (~> 0.3)
      google-cloud-errors (~> 1.0)
    google-cloud-trace-v2 (0.3.0)
      gapic-common (~> 0.3)
      google-cloud-errors (~> 1.0)
    google-gax (1.8.2)
      google-protobuf (~> 3.9)
      googleapis-common-protos (>= 1.3.9, < 2.0)
      googleapis-common-protos-types (>= 1.0.4, < 2.0)
      googleauth (~> 0.9)
      grpc (~> 1.24)
      rly (~> 0.2.3)
    google-protobuf (3.20.0)
    googleapis-common-protos (1.3.10)
      google-protobuf (~> 3.11)
      googleapis-common-protos-types (>= 1.0.5, < 2.0)
      grpc (~> 1.27)
    googleapis-common-protos-types (1.3.2)
      google-protobuf (~> 3.14)
    googleauth (0.9.0)
      faraday (~> 0.12)
      jwt (>= 1.4, < 3.0)
      memoist (~> 0.16)
      multi_json (~> 1.11)
      os (>= 0.9, < 2.0)
      signet (~> 0.7)
    grpc (1.45.0)
      google-protobuf (~> 3.19)
      googleapis-common-protos-types (~> 1.0)
    http (4.4.1)
      addressable (~> 2.3)
      http-cookie (~> 1.0)
      http-form_data (~> 2.2)
      http-parser (~> 1.2.0)
    http-accept (1.7.0)
    http-cookie (1.0.5)
      domain_name (~> 0.5)
    http-form_data (2.3.0)
    http-parser (1.2.3)
      ffi-compiler (>= 1.0, < 2.0)
    http_parser.rb (0.7.0)
    httpclient (2.8.3)
    jmespath (1.6.1)
    json (2.2.0)
    jsonpath (1.1.2)
      multi_json
    jwt (2.4.1)
    kubeclient (4.9.3)
      http (>= 3.0, < 5.0)
      jsonpath (~> 1.0)
      recursive-open-struct (~> 1.1, >= 1.1.1)
      rest-client (~> 2.0)
    lru_redux (1.1.0)
    memoist (0.16.2)
    mime-types (3.4.1)
      mime-types-data (~> 3.2015)
    mime-types-data (3.2022.0105)
    mini_mime (1.1.2)
    msgpack (1.5.4)
    multi_json (1.15.0)
    multipart-post (2.2.3)
    netrc (0.11.0)
    oj (3.13.18)
    opencensus (0.5.0)
    opencensus-stackdriver (0.4.1)
      concurrent-ruby (~> 1.0)
      google-cloud-env (~> 1.3)
      google-cloud-monitoring-v3 (~> 0.1)
      google-cloud-trace-v2 (~> 0.1)
      opencensus (~> 0.5)
    os (1.1.4)
    prometheus-client (0.9.0)
      quantile (~> 0.2.1)
    public_suffix (4.0.7)
    quantile (0.2.1)
    rake (13.0.6)
    recursive-open-struct (1.1.3)
    representable (3.2.0)
      declarative (< 0.1.0)
      trailblazer-option (>= 0.1.1, < 0.2.0)
      uber (< 0.2.0)
    rest-client (2.1.0)
      http-accept (>= 1.7.0, < 2.0)
      http-cookie (>= 1.0.2, < 2.0)
      mime-types (>= 1.16, < 4.0)
      netrc (~> 0.8)
    retriable (3.1.2)
    rly (0.2.3)
    serverengine (2.3.0)
      sigdump (~> 0.2.2)
    sigdump (0.2.4)
    signet (0.17.0)
      addressable (~> 2.8)
      faraday (>= 0.17.5, < 3.a)
      jwt (>= 1.5, < 3.0)
      multi_json (~> 1.10)
    stackdriver-core (1.5.0)
      google-cloud-core (~> 1.2)
    strptime (0.2.5)
    systemd-journal (1.4.2)
      ffi (~> 1.9)
    trailblazer-option (0.1.2)
    tzinfo (2.0.5)
      concurrent-ruby (~> 1.0)
    tzinfo-data (1.2022.1)
      tzinfo (>= 1.0.0)
    uber (0.1.0)
    unf (0.1.4)
      unf_ext
    unf_ext (0.0.8.2)
    webrick (1.7.0)
    yajl-ruby (1.4.3)

PLATFORMS
  ruby

DEPENDENCIES
  fluent-plugin-cloudwatch-logs (~> 0.14.2)
  fluent-plugin-concat (~> 2.4)
  fluent-plugin-detect-exceptions (~> 0.0.12)
  fluent-plugin-filter_where (~> 1.0)
  fluent-plugin-google-cloud (~> 0.12.0)
  fluent-plugin-kubernetes_metadata_filter (~> 2.2)
  fluent-plugin-multi-format-parser (~> 1.0)
  fluent-plugin-prometheus (~> 1.4)
  fluent-plugin-record-modifier (~> 2.0)
  fluent-plugin-s3 (~> 1.1)
  fluent-plugin-sumologic_output (~> 1.5)
  fluent-plugin-systemd (~> 1.0)
  oj (~> 3.8)

BUNDLED WITH
   2.1.4
